GIT
  remote: git@github.com:perceptive-naren/embedr-gem.git
  revision: 740cae0698a3a4bfc748d7ada477f177039b0a9a
  specs:
    embedr (0.1.0)

GEM
  remote: https://rubygems.org/
  specs:
    dotenv (2.0.1)

PLATFORMS
  ruby

DEPENDENCIES
  dotenv
  embedr!
